GEM
  remote: https://rubygems.org/
  specs:
    rack (1.5.2)
    rmagick (2.13.2)
    tilt (1.4.1)

PLATFORMS
  ruby

DEPENDENCIES
  rack
  rmagick
  tilt
